GEM
remote: https://rubygems.org/
specs:
  actioncable (6.1.4)
  actionmailbox (6.1.4)
  actionmailer (6.1.4)
  actionpack (6.1.4)
  actiontext (6.1.4)
  actionview (6.1.4)
  activejob (6.1.4)
  activemodel (6.1.4)
  activerecord (6.1.4)
  activestorage (6.1.4)
  activesupport (6.1.4)
  bcrypt (3.1.16)
  bootsnap (1.12.0)
  byebug (11.1.3)
  capybara (3.36.0)
  capybara-screenshot (1.0.24)
  database_cleaner (1.8.5)
  devise (4.8.0)
  dotenv (2.7.6)
  dotenv-rails (2.7.6)
  factory_bot_rails (6.2.0)
  faker (2.19.0)
  jbuilder (2.11.2)
  jsonapi-serializer (2.0.0)
  pg (1.2.3)
  puma (5.5.2)
  redis (4.6.5)
  rspec-rails (5.0.0)
  rubocop (1.24.0)
  rubocop-rails (1.24.0)
  web3-eth (1.0.0)
  websocket-driver (0.7.5)
  websocket-extensions (0.1.5)

PLATFORMS
  ruby

DEPENDENCIES
  bcrypt
  byebug
  devise
  dotenv-rails
  factory_bot_rails
  faker
  jbuilder
  pg
  puma
  redis
  rspec-rails
  rubocop
  web3-eth

RUBY VERSION
   ruby 3.0.0p0

BUNDLED WITH
   2.2.22